{"InstitutionName":"Wellcome Centre for Human Neuroimaging",
"InstitutionAddress":"12 Queen Square, London, WC1B 5JS, UK",
"Manufacturer":"CTF",
"ManufacturersModelName":"CTF-275: OMEGA 2000",
"SoftwareVersions":"Acq 6.1.14-beta-el6_8.x86_64-20180116-3847",
"TaskName":"Memory",
"SamplingFrequency":600,
"PowerLineFrequency":50,
"MEGChannelCount":272,
"MEGREFChannelCount":29,
"EEGChannelCount":0,
"EOGChannelCount":3,
"ECGChannelCount":1,
"EMGChannelCount":0,
"MiscChannelCount":0,
"SoftwareFilters":"n/a",
"DewarPosition":"Upright",
"RecordingType":"continuous",
"EpochLength":0,
"ContinuousHeadLocalization":true,
"DigitizedLandmarks":true,
"DigitizedHeadPoints":true,
"HardwareFilters":"n/a"}
